GEM
  remote: http://rubygems.org/
  specs:
    actionmailer (2.3.9)
      actionpack (= 2.3.9)
    actionpack (2.3.9)
      activesupport (= 2.3.9)
      rack (~> 1.1.0)
    activerecord (2.3.9)
      activesupport (= 2.3.9)
    activeresource (2.3.9)
      activesupport (= 2.3.9)
    activesupport (2.3.9)
    curb (0.7.7.1)
    dalli (1.0.1)
    fastercsv (1.5.4)
    geokit (1.6.5)
      multi_json
    hash_all (2.0.0)
    multi_json (1.3.2)
    mysqlplus (0.1.2)
    rack (1.1.3)
    rack-cache (1.0)
      rack (>= 0.4)
    rails (2.3.9)
      actionmailer (= 2.3.9)
      actionpack (= 2.3.9)
      activerecord (= 2.3.9)
      activeresource (= 2.3.9)
      activesupport (= 2.3.9)
      rake (>= 0.8.3)
    rake (0.9.2.2)
    will_paginate (2.3.16)

PLATFORMS
  ruby

DEPENDENCIES
  curb (= 0.7.7.1)
  dalli (= 1.0.1)
  fastercsv
  geokit
  hash_all (= 2.0.0)
  mysqlplus (= 0.1.2)
  rack-cache (= 1.0)
  rails (= 2.3.9)
  will_paginate (~> 2.3.16)
