GEM
  remote: http://rubygems.org/
  specs:
    actionmailer (2.3.5)
      actionpack (= 2.3.5)
    actionpack (2.3.5)
      activesupport (= 2.3.5)
      rack (~> 1.0.0)
    activerecord (2.3.5)
      activesupport (= 2.3.5)
    activeresource (2.3.5)
      activesupport (= 2.3.5)
    activesupport (2.3.5)
    curb (0.7.7.1)
    dalli (1.0.1)
    fastercsv (1.5.4)
    geokit (1.5.0)
    hash_all (2.0.0)
    mysqlplus (0.1.2)
    rack (1.0.1)
    rack-cache (1.0)
      rack (>= 0.4)
    rails (2.3.5)
      actionmailer (= 2.3.5)
      actionpack (= 2.3.5)
      activerecord (= 2.3.5)
      activeresource (= 2.3.5)
      activesupport (= 2.3.5)
      rake (>= 0.8.3)
    rake (0.8.7)
    will_paginate (2.3.11)

PLATFORMS
  ruby

DEPENDENCIES
  curb (= 0.7.7.1)
  dalli (= 1.0.1)
  fastercsv
  geokit
  hash_all (= 2.0.0)
  mysqlplus (= 0.1.2)
  rack-cache (= 1.0)
  rails (= 2.3.5)
  will_paginate
